PATH
  remote: .
  specs:
    dispatch-auth (0.0.2)
      faraday (>= 0.9.0)

GEM
  remote: https://rubygems.org/
  specs:
    faraday (0.9.0)
      multipart-post (>= 1.2, < 3)
    multipart-post (2.0.0)
    rake (10.1.0)

PLATFORMS
  ruby

DEPENDENCIES
  bundler (~> 1.7)
  dispatch-auth!
  faraday
  rake (~> 10.0)
